GEM
  remote: https://rubygems.org/
  specs:
    amazing_print (1.2.1)
    coderay (1.1.3)
    method_source (1.0.0)
    pastel (0.8.0)
      tty-color (~> 0.5)
    pry (0.13.1)
      coderay (~> 1.1)
      method_source (~> 1.0)
    sequel (5.37.0)
    sqlite3 (1.4.2)
    strings (0.2.0)
      strings-ansi (~> 0.2)
      unicode-display_width (~> 1.5)
      unicode_utils (~> 1.4)
    strings-ansi (0.2.0)
    thor (1.0.1)
    tty-color (0.5.2)
    tty-screen (0.8.1)
    tty-table (0.12.0)
      pastel (~> 0.8)
      strings (~> 0.2.0)
      tty-screen (~> 0.8)
    unicode-display_width (1.7.0)
    unicode_utils (1.4.0)

PLATFORMS
  ruby

DEPENDENCIES
  amazing_print
  pastel
  pry
  sequel
  sqlite3
  thor
  tty-table

BUNDLED WITH
   2.1.4
